GEM
  remote: https://rubygems.org/
  specs:
    json (2.1.0)

PLATFORMS
  ruby

DEPENDENCIES
  json (~> 2.1.0)

RUBY VERSION
   ruby 2.4.2p198

BUNDLED WITH
   1.16.0
